GEM
  remote: https://rubygems.org/
  specs:
    activemodel (6.1.4.1)
      activesupport (= 6.1.4.1)
    activesupport (6.1.4.1)
      concurrent-ruby (~> 1.0, >= 1.0.2)
      i18n (>= 1.6, < 2)
      minitest (>= 5.1)
      tzinfo (~> 2.0)
      zeitwerk (~> 2.3)
    addressable (2.8.0)
      public_suffix (>= 2.0.2, < 5.0)
    amazing_print (1.4.0)
    bridgetown (1.0.0.alpha10)
      bridgetown-builder (= 1.0.0.alpha10)
      bridgetown-core (= 1.0.0.alpha10)
      bridgetown-paginate (= 1.0.0.alpha10)
    bridgetown-builder (1.0.0.alpha10)
      bridgetown-core (= 1.0.0.alpha10)
    bridgetown-core (1.0.0.alpha10)
      activemodel (~> 6.0)
      activesupport (~> 6.0)
      addressable (~> 2.4)
      amazing_print (~> 1.2)
      colorator (~> 1.0)
      erubi (~> 1.9)
      faraday (~> 1.0)
      faraday_middleware (~> 1.0)
      hash_with_dot_access (~> 1.0)
      i18n (~> 1.0)
      kramdown (~> 2.1)
      kramdown-parser-gfm (~> 1.0)
      liquid (~> 5.0)
      listen (~> 3.0)
      rack-indifferent (>= 1.2.0)
      rake (>= 13.0)
      roda (~> 3.46)
      rouge (~> 3.0)
      serbea (~> 1.0)
      terminal-table (~> 1.8)
      thor (~> 1.1)
      tilt (~> 2.0)
      webrick (~> 1.7)
      zeitwerk (~> 2.5)
    bridgetown-paginate (1.0.0.alpha10)
      bridgetown-core (= 1.0.0.alpha10)
    colorator (1.1.0)
    concurrent-ruby (1.1.9)
    erubi (1.10.0)
    faraday (1.8.0)
      faraday-em_http (~> 1.0)
      faraday-em_synchrony (~> 1.0)
      faraday-excon (~> 1.1)
      faraday-httpclient (~> 1.0.1)
      faraday-net_http (~> 1.0)
      faraday-net_http_persistent (~> 1.1)
      faraday-patron (~> 1.0)
      faraday-rack (~> 1.0)
      multipart-post (>= 1.2, < 3)
      ruby2_keywords (>= 0.0.4)
    faraday-em_http (1.0.0)
    faraday-em_synchrony (1.0.0)
    faraday-excon (1.1.0)
    faraday-httpclient (1.0.1)
    faraday-net_http (1.0.1)
    faraday-net_http_persistent (1.2.0)
    faraday-patron (1.0.0)
    faraday-rack (1.0.0)
    faraday_middleware (1.2.0)
      faraday (~> 1.0)
    ffi (1.15.4)
    hash_with_dot_access (1.1.0)
      activesupport (>= 5.0.0, < 7.0)
    i18n (1.8.11)
      concurrent-ruby (~> 1.0)
    kramdown (2.3.1)
      rexml
    kramdown-parser-gfm (1.1.0)
      kramdown (~> 2.0)
    liquid (5.1.0)
    listen (3.7.0)
      rb-fsevent (~> 0.10, >= 0.10.3)
      rb-inotify (~> 0.9, >= 0.9.10)
    minitest (5.14.4)
    multipart-post (2.1.1)
    nio4r (2.5.8)
    public_suffix (4.0.6)
    puma (5.5.2)
      nio4r (~> 2.0)
    rack (2.2.3)
    rack-indifferent (1.2.0)
      rack (>= 1.5)
    rake (13.0.6)
    rb-fsevent (0.11.0)
    rb-inotify (0.10.1)
      ffi (~> 1.0)
    rexml (3.2.5)
    roda (3.50.0)
      rack
    rouge (3.26.1)
    ruby2_keywords (0.0.5)
    serbea (1.0.1)
      activesupport (>= 6.0)
      erubi (>= 1.10)
      tilt (~> 2.0)
    terminal-table (1.8.0)
      unicode-display_width (~> 1.1, >= 1.1.1)
    thor (1.1.0)
    tilt (2.0.10)
    tzinfo (2.0.4)
      concurrent-ruby (~> 1.0)
    unicode-display_width (1.8.0)
    webrick (1.7.0)
    zeitwerk (2.5.1)

PLATFORMS
  x86_64-darwin-20

DEPENDENCIES
  bridgetown (~> 1.0.0.alpha10)
  puma (~> 5.2)

BUNDLED WITH
   2.2.31
