GIT
  remote: https://github.com/citizensadvice/citizens-advice-style-ruby.git
  revision: bbc54178ddfd6fc94a57fd9f6d6ff0520bfdcd99
  tag: v0.3.0
  specs:
    citizens-advice-style (0.3.0)
      rubocop (~> 0.85.1)

GEM
  remote: https://rubygems.org/
  specs:
    activesupport (6.0.3.3)
      concurrent-ruby (~> 1.0, >= 1.0.2)
      i18n (>= 0.7, < 2)
      minitest (~> 5.1)
      tzinfo (~> 1.1)
      zeitwerk (~> 2.2, >= 2.2.2)
    addressable (2.7.0)
      public_suffix (>= 2.0.2, < 5.0)
    ast (2.4.1)
    builder (3.2.4)
    capybara (3.29.0)
      addressable
      mini_mime (>= 0.1.3)
      nokogiri (~> 1.8)
      rack (>= 1.6.0)
      rack-test (>= 0.6.3)
      regexp_parser (~> 1.5)
      xpath (~> 3.2)
    childprocess (3.0.0)
    concurrent-ruby (1.1.7)
    cucumber (5.1.2)
      builder (~> 3.2, >= 3.2.4)
      cucumber-core (~> 8.0, >= 8.0.1)
      cucumber-create-meta (~> 2.0, >= 2.0.2)
      cucumber-cucumber-expressions (~> 10.3, >= 10.3.0)
      cucumber-gherkin (~> 15.0, >= 15.0.2)
      cucumber-html-formatter (~> 9.0, >= 9.0.0)
      cucumber-messages (~> 13.1, >= 13.1.0)
      cucumber-wire (~> 4.0, >= 4.0.1)
      diff-lcs (~> 1.4, >= 1.4.4)
      multi_test (~> 0.1, >= 0.1.2)
      sys-uname (~> 1.2, >= 1.2.1)
    cucumber-core (8.0.1)
      cucumber-gherkin (~> 15.0, >= 15.0.2)
      cucumber-messages (~> 13.0, >= 13.0.1)
      cucumber-tag-expressions (~> 2.0, >= 2.0.4)
    cucumber-create-meta (2.0.2)
      cucumber-messages (~> 13.0, >= 13.0.1)
      sys-uname (~> 1.2, >= 1.2.1)
    cucumber-cucumber-expressions (10.3.0)
    cucumber-gherkin (15.0.2)
      cucumber-messages (~> 13.0, >= 13.0.1)
    cucumber-html-formatter (9.0.0)
      cucumber-messages (~> 13.0, >= 13.0.1)
    cucumber-messages (13.1.0)
      protobuf-cucumber (~> 3.10, >= 3.10.8)
    cucumber-tag-expressions (2.0.4)
    cucumber-wire (4.0.1)
      cucumber-core (~> 8.0, >= 8.0.1)
      cucumber-cucumber-expressions (~> 10.3, >= 10.3.0)
      cucumber-messages (~> 13.0, >= 13.0.1)
    diff-lcs (1.4.4)
    dotenv (2.7.6)
    faraday (1.0.1)
      multipart-post (>= 1.2, < 3)
    ffi (1.13.1)
    haml (5.2.0)
      temple (>= 0.8.0)
      tilt
    i18n (1.8.5)
      concurrent-ruby (~> 1.0)
    middleware (0.1.0)
    mini_mime (1.0.2)
    mini_portile2 (2.4.0)
    minitest (5.14.2)
    multi_test (0.1.2)
    multipart-post (2.1.1)
    nokogiri (1.10.10)
      mini_portile2 (~> 2.4.0)
    parallel (1.19.2)
    parser (2.7.1.4)
      ast (~> 2.4.1)
    protobuf-cucumber (3.10.8)
      activesupport (>= 3.2)
      middleware
      thor
      thread_safe
    public_suffix (4.0.5)
    rack (2.2.3)
    rack-test (1.1.0)
      rack (>= 1.0, < 3)
    rainbow (3.0.0)
    rake (13.0.1)
    regexp_parser (1.7.1)
    rexml (3.2.4)
    rspec (3.9.0)
      rspec-core (~> 3.9.0)
      rspec-expectations (~> 3.9.0)
      rspec-mocks (~> 3.9.0)
    rspec-core (3.9.2)
      rspec-support (~> 3.9.3)
    rspec-expectations (3.9.2)
      diff-lcs (>= 1.2.0, < 2.0)
      rspec-support (~> 3.9.0)
    rspec-mocks (3.9.1)
      diff-lcs (>= 1.2.0, < 2.0)
      rspec-support (~> 3.9.0)
    rspec-support (3.9.3)
    rubocop (0.85.1)
      parallel (~> 1.10)
      parser (>= 2.7.0.1)
      rainbow (>= 2.2.2, < 4.0)
      regexp_parser (>= 1.7)
      rexml
      rubocop-ast (>= 0.0.3)
      ruby-progressbar (~> 1.7)
      unicode-display_width (>= 1.4.0, < 2.0)
    rubocop-ast (0.3.0)
      parser (>= 2.7.1.4)
    ruby-progressbar (1.10.1)
    rubyzip (2.3.0)
    selenium-webdriver (4.0.0.alpha6)
      childprocess (>= 0.5, < 4.0)
      rubyzip (>= 1.2.2)
      websocket (~> 1.0)
    site_prism (3.6)
      addressable (~> 2.5)
      capybara (>= 3.8, <= 3.29)
      site_prism-all_there (>= 0.3.1, < 1.0)
    site_prism-all_there (0.3.2)
    sys-uname (1.2.1)
      ffi (>= 1.0.0)
    temple (0.8.2)
    thor (1.0.1)
    thread_safe (0.3.6)
    tilt (2.0.10)
    tzinfo (1.2.7)
      thread_safe (~> 0.1)
    unicode-display_width (1.7.0)
    webdrivers (4.4.1)
      nokogiri (~> 1.6)
      rubyzip (>= 1.3.0)
      selenium-webdriver (>= 3.0, < 4.0)
    websocket (1.2.8)
    xpath (3.2.0)
      nokogiri (~> 1.8)
    zeitwerk (2.4.0)

PLATFORMS
  ruby

DEPENDENCIES
  citizens-advice-style!
  cucumber (~> 5.1)
  dotenv
  faraday (~> 1.0)
  haml (~> 5.2)
  rake
  rspec
  selenium-webdriver (= 4.0.0.alpha6)
  site_prism (~> 3.5)
  webdrivers

BUNDLED WITH
   2.1.4
